PATH
  remote: .
  specs:
    bw-dispatch (0.0.1)
      bubble-wrap

GEM
  remote: https://rubygems.org/
  specs:
    bubble-wrap (1.0.0.pre.2)
    rake (0.9.2.2)

PLATFORMS
  ruby

DEPENDENCIES
  bubble-wrap (= 1.0.0.pre.2)
  bw-dispatch!
  rake
